GEM
  remote: https://rubygems.org/
  specs:
    coderay (1.1.2)
    dotenv (2.2.1)
    method_source (0.9.0)
    pg (0.21.0)
    pry (0.11.3)
      coderay (~> 1.1.0)
      method_source (~> 0.9.0)
    rake (12.3.0)
    sequel (5.3.0)
    sequel_pg (1.8.1)
      pg (>= 0.18.0)
      sequel (>= 4.34.0)
    sqlite3 (1.3.13)

PLATFORMS
  ruby

DEPENDENCIES
  dotenv
  pg
  pry
  rake
  sequel
  sequel_pg
  sqlite3

BUNDLED WITH
   1.14.5
