GEM
  remote: https://rubygems.org/
  specs:
    coderay (1.1.2)
    database_cleaner (1.6.2)
    diff-lcs (1.3)
    dotenv (2.2.1)
    method_source (0.9.0)
    pg (1.0.0)
    pry (0.11.3)
      coderay (~> 1.1.0)
      method_source (~> 0.9.0)
    rake (12.3.0)
    rspec (3.7.0)
      rspec-core (~> 3.7.0)
      rspec-expectations (~> 3.7.0)
      rspec-mocks (~> 3.7.0)
    rspec-core (3.7.1)
      rspec-support (~> 3.7.0)
    rspec-expectations (3.7.0)
      diff-lcs (>= 1.2.0, < 2.0)
      rspec-support (~> 3.7.0)
    rspec-mocks (3.7.0)
      diff-lcs (>= 1.2.0, < 2.0)
      rspec-support (~> 3.7.0)
    rspec-support (3.7.1)
    ruby-prof (0.17.0)
    sequel (5.5.0)
    sequel_pg (1.8.1)
      pg (>= 0.18.0)
      sequel (>= 4.34.0)
    sqlite3 (1.3.13)
    warning (0.10.1)

PLATFORMS
  ruby

DEPENDENCIES
  database_cleaner
  dotenv
  pg
  pry
  rake
  rspec
  ruby-prof
  sequel
  sequel_pg
  sqlite3
  warning

BUNDLED WITH
   1.14.5
